GEM
  remote: https://rubygems.org/
  specs:
    mini_portile2 (2.1.0)
    nokogiri (1.6.8.1)
      mini_portile2 (~> 2.1.0)
    thor (0.19.1)

PLATFORMS
  ruby

DEPENDENCIES
  nokogiri
  thor

RUBY VERSION
   ruby 2.3.1p112

BUNDLED WITH
   1.13.6
